GEM
  remote: http://rubygems.org/
  specs:
    byebug (8.2.1)
    coderay (1.1.0)
    excon (0.45.4)
    foreman (0.78.0)
      thor (~> 0.19.1)
    method_source (0.8.2)
    oj (2.14.3)
    pry (0.10.3)
      coderay (~> 1.1.0)
      method_source (~> 0.8.1)
      slop (~> 3.4)
    slop (3.6.0)
    thor (0.19.1)

PLATFORMS
  ruby

DEPENDENCIES
  byebug
  excon
  foreman
  oj
  pry

BUNDLED WITH
   1.10.6
